GEM
  remote: http://rubygems.org/
  specs:
    git (1.2.5)
    maven-tools (0.32.1)
    rake (10.0.3)
    ruby-maven (3.0.4.1.3)
      maven-tools (~> 0.32.1)
      thor (>= 0.14.6, < 2.0)
    thor (0.17.0)

PLATFORMS
  ruby

DEPENDENCIES
  bundler
  git
  rake
  ruby-maven
